RESTRICTION: == net48
NUGET
  remote: https://api.nuget.org/v3/index.json
    MathNet.Numerics (5.0)
    MathNet.Numerics.MKL.Win (3.0)
      MathNet.Numerics.Providers.MKL (>= 5.0)
    MathNet.Numerics.Providers.MKL (5.0)
      MathNet.Numerics (>= 5.0)
