RESTRICTION: == net48
NUGET
  remote: https://api.nuget.org/v3/index.json
    MathNet.Numerics (5.0.0-alpha16)
    MathNet.Numerics.MKL.Win (3.0.0-beta3)
      MathNet.Numerics.Providers.MKL (>= 5.0.0-alpha10)
    MathNet.Numerics.Providers.MKL (5.0.0-alpha16)
      MathNet.Numerics (>= 5.0.0-alpha16)
