STORAGE: NONE
NUGET
  remote: https://api.nuget.org/v3/index.json
    MathNet.Numerics (5.0.0-alpha08)
      System.ValueTuple (>= 4.4) - restriction: && (>= net461) (< net48)
    MathNet.Numerics.MKL.Win (3.0.0-beta1)
      MathNet.Numerics.Providers.MKL (>= 5.0.0-alpha08)
    MathNet.Numerics.Providers.MKL (5.0.0-alpha08)
      MathNet.Numerics (>= 5.0.0-alpha08) - restriction: || (>= net461) (>= netstandard2.0)
    System.ValueTuple (4.5) - restriction: && (>= net461) (< net48)
